PATH
  remote: .
  specs:
    freddy (0.3.7)
      hamster (~> 1.0.1.pre.rc3)
      march_hare (~> 2.2)
      symbolizer

GEM
  remote: https://rubygems.org/
  specs:
    atomic (1.1.99-java)
    coderay (1.1.0)
    diff-lcs (1.2.5)
    ffi (1.9.10-java)
    hamster (1.0.1.pre.rc3)
      atomic (~> 1.1)
    march_hare (2.12.0-java)
    method_source (0.8.2)
    pry (0.10.1)
      coderay (~> 1.1.0)
      method_source (~> 0.8.1)
      slop (~> 3.4)
    pry (0.10.1-java)
      coderay (~> 1.1.0)
      method_source (~> 0.8.1)
      slop (~> 3.4)
      spoon (~> 0.0)
    rake (10.4.2)
    rspec (3.3.0)
      rspec-core (~> 3.3.0)
      rspec-expectations (~> 3.3.0)
      rspec-mocks (~> 3.3.0)
    rspec-core (3.3.2)
      rspec-support (~> 3.3.0)
    rspec-expectations (3.3.1)
      diff-lcs (>= 1.2.0, < 2.0)
      rspec-support (~> 3.3.0)
    rspec-mocks (3.3.2)
      diff-lcs (>= 1.2.0, < 2.0)
      rspec-support (~> 3.3.0)
    rspec-support (3.3.0)
    slop (3.6.0)
    spoon (0.0.4)
      ffi
    symbolizer (0.0.1)

PLATFORMS
  java
  ruby

DEPENDENCIES
  bundler (~> 1.3)
  freddy!
  pry
  rake
  rspec

BUNDLED WITH
   1.10.6
